GEM
  remote: https://rubygems.org/
  specs:
    celluloid (0.16.0)
      timers (~> 4.0.0)
    celluloid-io (0.16.1)
      celluloid (>= 0.16.0)
      nio4r (>= 1.0.0)
    chunky_png (1.3.3)
    coffee-script (2.3.0)
      coffee-script-source
      execjs
    coffee-script-source (1.8.0)
    compass-core (1.0.1)
      multi_json (~> 1.0)
      sass (>= 3.3.0, < 3.5)
    cssminify (1.0.2)
    execjs (2.2.2)
    ffi (1.9.6)
    form_data (0.1.0)
    handlebars-source (1.3.0)
    handlebars.rb (0.1.2)
      execjs (~> 2.0)
      handlebars-source (~> 1.3.0)
    hitimes (1.2.2)
    http (0.7.1)
      form_data (~> 0.1.0)
      http_parser.rb (~> 0.6.0)
    http_parser.rb (0.6.0)
    json (1.8.2)
    linner (0.8.3)
      chunky_png (~> 1.3.1)
      coffee-script (~> 2.3.0)
      compass-core (~> 1.0.1)
      cssminify (~> 1.0.2)
      handlebars.rb (~> 0.1.2)
      listen (~> 1.3)
      reel (~> 0.5.0)
      terminal-notifier (~> 1.5)
      thor (~> 0.18)
      tilt (~> 1.4)
      uglifier (~> 2.5.0)
    listen (1.3.1)
      rb-fsevent (>= 0.9.3)
      rb-inotify (>= 0.9)
      rb-kqueue (>= 0.2)
    multi_json (1.10.1)
    nio4r (1.1.0)
    rb-fsevent (0.9.4)
    rb-inotify (0.9.5)
      ffi (>= 0.5.0)
    rb-kqueue (0.2.3)
      ffi (>= 0.5.0)
    reel (0.5.0)
      celluloid (>= 0.15.1)
      celluloid-io (>= 0.15.0)
      http (>= 0.6.0.pre)
      http_parser.rb (>= 0.6.0)
      websocket_parser (>= 0.1.6)
    sass (3.4.9)
    terminal-notifier (1.6.2)
    thor (0.19.1)
    tilt (1.4.1)
    timers (4.0.1)
      hitimes
    uglifier (2.5.3)
      execjs (>= 0.3.0)
      json (>= 1.8.0)
    websocket_parser (0.1.6)

PLATFORMS
  ruby

DEPENDENCIES
  linner
